GEM
  remote: https://rubygems.org/
  specs:
    dotenv (2.7.4)
    nio4r (2.4.0)
    puma (4.0.1)
      nio4r (~> 2.0)
    rack (2.0.7)
    rake (12.3.2)
    roda (3.22.0)
      rack

PLATFORMS
  ruby

DEPENDENCIES
  dotenv
  puma
  rake
  roda

RUBY VERSION
   ruby 2.6.3p62

BUNDLED WITH
   2.0.2
